GEM
  remote: http://rubygems.org/
  specs:
    activesupport (3.0.3)
    haml (3.0.25)
    json (1.1.7)
    rack (1.2.1)
    sinatra (1.1.2)
      rack (~> 1.1)
      tilt (~> 1.2)
    tilt (1.2.1)
    will_paginate (2.3.11)

PLATFORMS
  ruby

DEPENDENCIES
  activesupport
  haml
  json
  sinatra
  will_paginate (~> 2.3.11)
